PATH
  remote: .
  specs:
    export_to (0.1.0)
      activesupport
      fast_excel
      iconv
      spreadsheet

GEM
  remote: https://rubygems.org/
  specs:
    activesupport (5.2.1)
      concurrent-ruby (~> 1.0, >= 1.0.2)
      i18n (>= 0.7, < 2)
      minitest (~> 5.1)
      tzinfo (~> 1.1)
    concurrent-ruby (1.0.5)
    fast_excel (0.2.5)
      ffi (> 1.9, < 2)
    ffi (1.9.25)
    i18n (1.1.1)
      concurrent-ruby (~> 1.0)
    iconv (1.0.5)
    minitest (5.11.3)
    rake (10.5.0)
    ruby-ole (1.2.12.1)
    shoulda-context (1.2.2)
    spreadsheet (1.1.8)
      ruby-ole (>= 1.0)
    thread_safe (0.3.6)
    tzinfo (1.2.5)
      thread_safe (~> 0.1)

PLATFORMS
  ruby

DEPENDENCIES
  bundler (~> 1.16)
  export_to!
  minitest (~> 5.0)
  rake (~> 10.0)
  shoulda-context

BUNDLED WITH
   1.16.6
